GEM
  remote: https://rubygems.org/
  specs:
    bcrypt (3.1.16)
    bindata (2.4.10)
    citrus (3.0.2)
    coderay (1.1.3)
    ffi (1.15.0)
    file-tail (1.2.0)
      tins (~> 1.0)
    geocoder (1.6.7)
    inifile (3.0.0)
    method_source (1.0.0)
    mustermann (1.1.1)
      ruby2_keywords (~> 0.0.1)
    oj (3.11.5)
    openssl (2.2.0)
    pry (0.14.1)
      coderay (~> 1.1)
      method_source (~> 1.0)
    rack (2.2.3)
    rack-protection (2.1.0)
      rack
    ruby2_keywords (0.0.4)
    rubyzip (2.3.0)
    sinatra (2.1.0)
      mustermann (~> 1.0)
      rack (~> 2.2)
      rack-protection (= 2.1.0)
      tilt (~> 2.0)
    sync (0.5.0)
    sys-proctable (1.2.6)
      ffi
    sysrandom (1.0.5)
    tilt (2.0.10)
    tins (1.29.0)
      sync
    toml-rb (2.0.1)
      citrus (~> 3.0, > 3.0)
    unicode-display_width (2.0.0)

PLATFORMS
  ruby

DEPENDENCIES
  bcrypt
  bindata
  file-tail
  geocoder
  inifile
  oj
  openssl
  pry
  rubyzip
  sinatra
  sys-proctable
  sysrandom
  toml-rb
  unicode-display_width

BUNDLED WITH
   1.17.2
