GEM
  remote: https://rubygems.org/
  specs:
    bcrypt (3.1.18)
    bindata (2.4.14)
    citrus (3.0.2)
    coderay (1.1.3)
    ffi (1.15.5)
    file-tail (1.2.0)
      tins (~> 1.0)
    geocoder (1.8.1)
    inifile (3.0.0)
    method_source (1.0.0)
    mustermann (3.0.0)
      ruby2_keywords (~> 0.0.1)
    oj (3.13.23)
    openssl (3.0.1)
    pry (0.14.1)
      coderay (~> 1.1)
      method_source (~> 1.0)
    rack (2.2.4)
    rack-protection (3.0.2)
      rack
    ruby2_keywords (0.0.5)
    rubyzip (2.3.2)
    sinatra (3.0.2)
      mustermann (~> 3.0)
      rack (~> 2.2, >= 2.2.4)
      rack-protection (= 3.0.2)
      tilt (~> 2.0)
    sync (0.5.0)
    sys-proctable (1.2.7)
      ffi (~> 1.1)
    sysrandom (1.0.5)
    tilt (2.0.11)
    tins (1.31.1)
      sync
    toml-rb (2.2.0)
      citrus (~> 3.0, > 3.0)
    unicode-display_width (2.3.0)
    webrick (1.7.0)

PLATFORMS
  x86_64-linux

DEPENDENCIES
  bcrypt
  bindata
  file-tail
  geocoder
  inifile
  oj
  openssl
  pry
  rubyzip (~> 2.3.0)
  sinatra
  sys-proctable
  sysrandom
  toml-rb
  unicode-display_width
  webrick (~> 1.7)

BUNDLED WITH
   2.3.7
