GEM
  remote: https://rubygems.org/
  specs:
    bcrypt (3.1.13)
    bindata (2.4.4)
    citrus (3.0.2)
    coderay (1.1.2)
    ffi (1.11.1)
    file-tail (1.2.0)
      tins (~> 1.0)
    geocoder (1.6.1)
    inifile (3.0.0)
    ipaddr (1.2.2)
    method_source (0.9.2)
    mustermann (1.0.3)
    oj (3.8.1)
    openssl (2.1.2)
      ipaddr
    pry (0.12.2)
      coderay (~> 1.1.0)
      method_source (~> 0.9.0)
    rack (2.2.3)
    rack-protection (2.0.5)
      rack
    rubyzip (2.0.0)
    sinatra (2.0.5)
      mustermann (~> 1.0)
      rack (~> 2.0)
      rack-protection (= 2.0.5)
      tilt (~> 2.0)
    sys-proctable (1.2.1)
      ffi
    sysrandom (1.0.5)
    tilt (2.0.9)
    tins (1.21.1)
    toml-rb (1.1.2)
      citrus (~> 3.0, > 3.0)
    unicode-display_width (1.6.0)

PLATFORMS
  ruby

DEPENDENCIES
  bcrypt
  bindata
  file-tail
  geocoder
  inifile
  oj
  openssl
  pry
  rubyzip
  sinatra
  sys-proctable
  sysrandom
  toml-rb
  unicode-display_width

BUNDLED WITH
   1.17.2
